
type = string-attribute
name = HISTORY_NOTE
count = 3329
'[span@uncus: Thu May 19 11:37:11 2016] 3dttest++ -prefix ./buy_vs_not_z -dupe_ok -toz -setA '/Users/span/projects/stockmri/subjects/lc160210/zstock_reg_csfwm_masked+tlrc[34]' '/Users/span/projects/stockmri/subjects/rp160214/zstock_reg_csfwm_masked+tlrc[34]' '/Users/span/projects/stockmri/subjects/rp160215/zstock_reg_csfwm_masked+tlrc[34]' '/Users/span/projects/stockmri/subjects/fv160223/zstock_reg_csfwm_masked+tlrc[34]' '/Users/span/projects/stockmri/subjects/mp160223/zstock_reg_csfwm_masked+tlrc[34]' '/Users/span/projects/stockmri/subjects/as160224/zstock_reg_csfwm_masked+tlrc[34]' '/Users/span/projects/stockmri/subjects/ew160226/zstock_reg_csfwm_masked+tlrc[34]' '/Users/span/projects/stockmri/subjects/ar160321/zstock_reg_csfwm_masked+tlrc[34]' '/Users/span/projects/stockmri/subjects/aa160408/zstock_reg_csfwm_masked+tlrc[34]' '/Users/span/projects/stockmri/subjects/mk160409/zstock_reg_csfwm_masked+tlrc[34]' '/Users/span/projects/stockmri/subjects/rf160409/zstock_reg_csfwm_masked+tlrc[34]' '/Users/span/projects/stockmri/subjects/bg160410/zstock_reg_csfwm_masked+tlrc[34]' '/Users/span/projects/stockmri/subjects/rm160410/zstock_reg_csfwm_masked+tlrc[34]' '/Users/span/projects/stockmri/subjects/mm160410/zstock_reg_csfwm_masked+tlrc[34]' '/Users/span/projects/stockmri/subjects/mm160411/zstock_reg_csfwm_masked+tlrc[34]' '/Users/span/projects/stockmri/subjects/kl160412/zstock_reg_csfwm_masked+tlrc[34]' '/Users/span/projects/stockmri/subjects/jk160415/zstock_reg_csfwm_masked+tlrc[34]' '/Users/span/projects/stockmri/subjects/lt160415/zstock_reg_csfwm_masked+tlrc[34]' '/Users/span/projects/stockmri/subjects/cm160416/zstock_reg_csfwm_masked+tlrc[34]' '/Users/span/projects/stockmri/subjects/ol160416/zstock_reg_csfwm_masked+tlrc[34]' '/Users/span/projects/stockmri/subjects/at160417/zstock_reg_csfwm_masked+tlrc[34]' '/Users/span/projects/stockmri/subjects/lc160417/zstock_reg_csfwm_masked+tlrc[34]' '/Users/span/projects/stockmri/subjects/kk160420/zstock_reg_csfwm_masked+tlrc[34]' '/Users/span/projects/stockmri/subjects/cl160422/zstock_reg_csfwm_masked+tlrc[34]' '/Users/span/projects/stockmri/subjects/sp160423/zstock_reg_csfwm_masked+tlrc[34]' '/Users/span/projects/stockmri/subjects/sh160424/zstock_reg_csfwm_masked+tlrc[34]' '/Users/span/projects/stockmri/subjects/ar160429/zstock_reg_csfwm_masked+tlrc[34]' '/Users/span/projects/stockmri/subjects/hh160430/zstock_reg_csfwm_masked+tlrc[34]' '/Users/span/projects/stockmri/subjects/bc160430/zstock_reg_csfwm_masked+tlrc[34]' '/Users/span/projects/stockmri/subjects/jr160430/zstock_reg_csfwm_masked+tlrc[34]' '/Users/span/projects/stockmri/subjects/rw160501/zstock_reg_csfwm_masked+tlrc[34]' '/Users/span/projects/stockmri/subjects/jr160501/zstock_reg_csfwm_masked+tlrc[34]' '/Users/span/projects/stockmri/subjects/yw160502/zstock_reg_csfwm_masked+tlrc[34]' '/Users/span/projects/stockmri/subjects/ez160504/zstock_reg_csfwm_masked+tlrc[34]' '/Users/span/projects/stockmri/subjects/kw160505/zstock_reg_csfwm_masked+tlrc[34]' '/Users/span/projects/stockmri/subjects/mt160514/zstock_reg_csfwm_masked+tlrc[34]' '/Users/span/projects/stockmri/subjects/gs160514/zstock_reg_csfwm_masked+tlrc[34]' '/Users/span/projects/stockmri/subjects/ac160515/zstock_reg_csfwm_masked+tlrc[34]' '/Users/span/projects/stockmri/subjects/ry160515/zstock_reg_csfwm_masked+tlrc[34]'~

type = string-attribute
name = TYPESTRING
count = 15
'3DIM_HEAD_FUNC~

type = string-attribute
name = IDCODE_STRING
count = 27
'XYZ_LfS0d46piLrzV9iWa5CXNQ~

type = string-attribute
name = IDCODE_DATE
count = 25
'Thu May 19 11:37:11 2016~

type = integer-attribute
name = SCENE_DATA
count = 8
 2 11 1 -999 -999
 -999 -999 -999

type = string-attribute
name = LABEL_1
count = 5
'zyxt~

type = string-attribute
name = LABEL_2
count = 5
'zyxt~

type = string-attribute
name = DATASET_NAME
count = 5
'zyxt~

type = integer-attribute
name = ORIENT_SPECIFIC
count = 3
 0 3 4

type  = float-attribute
name  = ORIGIN
count = 3
         -79.75         -79.25         -63.95

type  = float-attribute
name  = DELTA
count = 3
            2.9            2.9            2.9

type  = float-attribute
name  = IJK_TO_DICOM
count = 12
            2.9              0              0         -79.75              0
            2.9              0         -79.25              0              0
            2.9         -63.95

type  = float-attribute
name  = IJK_TO_DICOM_REAL
count = 12
            2.9              0              0         -79.75              0
            2.9              0         -79.25              0              0
            2.9         -63.95

type  = float-attribute
name  = BRICK_STATS
count = 4
  -0.0007809707   0.0009925033      -3.879306       4.719527

type = integer-attribute
name = DATASET_RANK
count = 8
 3 2 0 0 0
 0 0 0

type = integer-attribute
name = DATASET_DIMENSIONS
count = 5
 56 66 52 0 0

type = integer-attribute
name = BRICK_TYPES
count = 2
 3 3

type  = float-attribute
name  = BRICK_FLOAT_FACS
count = 2
              0              0

type = string-attribute
name = BRICK_LABS
count = 20
'SetA_mean~SetA_Zscr~

type  = float-attribute
name  = BRICK_STATAUX
count = 3
              1              5              0

type = string-attribute
name = BRICK_STATSYM
count = 14
'none;Zscore()~

type  = float-attribute
name  = FDRCURVE_000001
count = 103
   0.0001397512     0.03744217      0.3984795      0.4113267      0.4247596
      0.4390875      0.4534516      0.4679379      0.4827444      0.4982609
      0.5140559      0.5291497      0.5464353      0.5632197      0.5798644
      0.5971627      0.6144457      0.6318915      0.6488158      0.6671736
      0.6852944      0.7033992      0.7222732      0.7397175      0.7583264
      0.7763507      0.7928689      0.8100575      0.8248816      0.8289822
      0.8289822      0.8289822      0.8351042      0.8497093      0.8650002
       0.880028      0.8941719      0.9089398      0.9243231      0.9377502
      0.9511367      0.9675277      0.9857541       1.001436       1.017347
       1.032653       1.048752       1.065915       1.081961       1.099946
       1.116291       1.131829       1.147255       1.164227       1.179084
       1.197753       1.213462       1.228704       1.247967       1.263516
       1.281141       1.294953       1.312378       1.324069       1.339406
       1.356195       1.371917       1.386324       1.399918        1.41188
       1.426491       1.439914       1.454907       1.460985       1.475663
       1.483463       1.491738        1.49586       1.499523       1.512022
       1.519778       1.535799       1.545141       1.554415       1.562735
       1.563073       1.563417       1.572074       1.580755       1.584451
       1.584553       1.584618       1.584618       1.596592       1.596842
       1.597091        1.59734       1.597589        1.59772        1.59772
       1.627252       1.630938       1.631463

type  = float-attribute
name  = MDFCURVE_000001
count = 21
      -4.225767      0.2094519      0.9990066      0.9981291      0.9967234
      0.9938719      0.9909986      0.9847935      0.9765492      0.9630362
      0.9428346      0.9174188      0.8748631      0.8224611       0.755075
      0.6700602      0.5732168      0.4580306      0.3351406      0.2187782
              0

type = string-attribute
name = TEMPLATE_SPACE
count = 7
'TT_N27~

type = integer-attribute
name = INT_CMAP
count = 1
 0

type = string-attribute
name = BYTEORDER_STRING
count = 10
'LSB_FIRST~
